GEM
  remote: https://rubygems.org/
  specs:
    dnsruby (1.53)

PLATFORMS
  ruby

DEPENDENCIES
  dnsruby
