GEM
  remote: https://rubygems.org/
  specs:
    dnsruby (1.53)
    tzinfo (0.3.37)

PLATFORMS
  ruby

DEPENDENCIES
  dnsruby
  tzinfo
